PATH
  remote: .
  specs:
    uuid (2.3.7)
      macaddr (~> 1.0)

GEM
  remote: https://rubygems.org/
  specs:
    macaddr (1.6.7)
      systemu (~> 2.6.2)
    mocha (0.9.12)
    rake (0.8.7)
    systemu (2.6.4)
    yard (0.9.20)

PLATFORMS
  ruby

DEPENDENCIES
  mocha
  rake
  uuid!
  yard
